GEM
  remote: https://rubygems.org/
  specs:
    activesupport (6.1.3.1)
      concurrent-ruby (~> 1.0, >= 1.0.2)
      i18n (>= 1.6, < 2)
      minitest (>= 5.1)
      tzinfo (~> 2.0)
      zeitwerk (~> 2.3)
    addressable (2.7.0)
      public_suffix (>= 2.0.2, < 5.0)
    async (1.28.9)
      console (~> 1.10)
      nio4r (~> 2.3)
      timers (~> 4.1)
    async-io (1.30.2)
      async (~> 1.14)
    async-websocket (0.8.0)
      async-io
      websocket-driver (~> 0.7.0)
    celluloid (0.18.0)
      timers (~> 4)
    celluloid-io (0.17.3)
      celluloid (>= 0.17.2)
      nio4r (>= 1.1)
      timers (>= 4.1.1)
    concurrent-ruby (1.1.8)
    console (1.10.2)
      fiber-local
    faraday (0.17.4)
      multipart-post (>= 1.2, < 3)
    faraday_middleware (0.14.0)
      faraday (>= 0.7.4, < 1.0)
    faraday_middleware-parse_oj (0.3.2)
      faraday (~> 0.9)
      faraday_middleware (>= 0.9.1, < 1.0)
      oj (>= 2.0, < 4.0)
    fiber-local (1.0.0)
    giphy (3.0.0)
      faraday (~> 0.9)
      faraday_middleware (~> 0.9)
      faraday_middleware-parse_oj (~> 0.3)
      launchy (~> 2.4)
    gli (2.20.0)
    hashie (4.1.0)
    httparty (0.18.1)
      mime-types (~> 3.0)
      multi_xml (>= 0.5.2)
    i18n (1.8.10)
      concurrent-ruby (~> 1.0)
    launchy (2.5.0)
      addressable (~> 2.7)
    mime-types (3.3.1)
      mime-types-data (~> 3.2015)
    mime-types-data (3.2021.0225)
    minitest (5.14.4)
    multi_xml (0.6.0)
    multipart-post (2.1.1)
    nio4r (2.5.7)
    oj (3.11.3)
    public_suffix (4.0.6)
    slack-ruby-bot (0.16.1)
      activesupport
      hashie
      slack-ruby-client (>= 0.14.0)
    slack-ruby-client (0.14.6)
      activesupport
      faraday (>= 0.9)
      faraday_middleware
      gli
      hashie
      websocket-driver
    timers (4.3.3)
    tzinfo (2.0.4)
      concurrent-ruby (~> 1.0)
    websocket-driver (0.7.3)
      websocket-extensions (>= 0.1.0)
    websocket-extensions (0.1.5)
    zeitwerk (2.4.2)

PLATFORMS
  x64-mingw32

DEPENDENCIES
  async-websocket (~> 0.8.0)
  celluloid-io
  giphy
  httparty
  slack-ruby-bot

BUNDLED WITH
   2.2.14
